GEM
  remote: https://rubygems.org/
  specs:
    ast (2.4.0)
    deep_merge (1.2.1)
    jaro_winkler (1.5.3)
    parallel (1.17.0)
    parser (2.6.3.0)
      ast (~> 2.4.0)
    rainbow (3.0.0)
    rake (12.3.2)
    rubocop (0.72.0)
      jaro_winkler (~> 1.5.1)
      parallel (~> 1.10)
      parser (>= 2.6)
      rainbow (>= 2.2.2, < 4.0)
      ruby-progressbar (~> 1.7)
      unicode-display_width (>= 1.4.0, < 1.7)
    ruby-progressbar (1.10.1)
    unicode-display_width (1.6.0)

PLATFORMS
  ruby
  x86_64-darwin-18

DEPENDENCIES
  deep_merge
  rake
  rubocop
  ruby-progressbar

BUNDLED WITH
   2.0.2
